GEM
  remote: https://rubygems.org/
  specs:
    cutlass (0.3.0)
      docker-api (>= 2.0)
    dead_end (2.0.0)
    diff-lcs (1.4.4)
    docker-api (2.2.0)
      excon (>= 0.47.0)
      multi_json
    excon (0.87.0)
    java-properties (0.3.0)
    multi_json (1.15.0)
    parallel (1.20.1)
    parallel_split_test (0.10.0)
      parallel (>= 0.5.13)
      rspec-core (>= 3.9.0)
    rspec-core (3.10.1)
      rspec-support (~> 3.10.0)
    rspec-expectations (3.10.1)
      diff-lcs (>= 1.2.0, < 2.0)
      rspec-support (~> 3.10.0)
    rspec-retry (0.6.2)
      rspec-core (> 3.3)
    rspec-support (3.10.2)

PLATFORMS
  ruby
  x86_64-darwin-19
  x86_64-linux

DEPENDENCIES
  cutlass
  dead_end
  java-properties
  parallel_split_test
  rspec-expectations
  rspec-retry

BUNDLED WITH
   2.2.22
